PATH
  remote: .
  specs:
    sinatra-controllers (0.1.2)
      sinatra (>= 1.0.0)

GEM
  remote: http://rubygems.org/
  specs:
    minitest (2.0.2)
    rack (1.2.2)
    sinatra (1.2.1)
      rack (~> 1.1)
      tilt (>= 1.2.2, < 2.0)
    tilt (1.2.2)
    watchr (0.7)

PLATFORMS
  ruby

DEPENDENCIES
  bundler (>= 1.0.0)
  minitest (~> 2.0.0)
  sinatra (>= 1.0.0)
  sinatra-controllers!
  watchr
